GEM
  remote: https://rubygems.org/
  specs:
    kgio (2.9.2)
    rack (1.4.4)
    rack-protection (1.3.2)
      rack
    raindrops (0.13.0)
    sinatra (1.3.3)
      rack (~> 1.3, >= 1.3.6)
      rack-protection (~> 1.2)
      tilt (~> 1.3, >= 1.3.3)
    tilt (1.3.3)
    unicorn (4.8.2)
      kgio (~> 2.6)
      rack
      raindrops (~> 0.7)

PLATFORMS
  ruby

DEPENDENCIES
  rack
  sinatra
  unicorn
